GEM
  specs:
    bourbon (4.0.2)
      sass (~> 3.3)
      thor
    neat (1.7.0)
      bourbon (>= 4.0)
      sass (>= 3.3)
    sass (3.4.4)
    thor (0.19.1)

PLATFORMS
  ruby

DEPENDENCIES
  bourbon
  neat
  sass
